PATH
  remote: .
  specs:
    wikidata_position_history (2.3.0)
      mediawiki-replaceable-content (= 0.2.2)
      rest-client (~> 2.0)

GEM
  remote: https://rubygems.org/
  specs:
    addressable (2.7.0)
      public_suffix (>= 2.0.2, < 5.0)
    ast (2.4.1)
    coderay (1.1.3)
    crack (0.4.4)
    domain_name (0.5.20190701)
      unf (>= 0.0.5, < 1.0.0)
    faraday (0.17.3)
      multipart-post (>= 1.2, < 3)
    faraday-cookie_jar (0.0.7)
      faraday (>= 0.8.0)
      http-cookie (~> 1.0.0)
    faraday_middleware (0.14.0)
      faraday (>= 0.7.4, < 1.0)
    hashdiff (1.0.1)
    http-accept (1.7.0)
    http-cookie (1.0.3)
      domain_name (~> 0.5)
    kwalify (0.7.2)
    mediawiki-replaceable-content (0.2.2)
      mediawiki_api (~> 0.7)
    mediawiki_api (0.7.1)
      faraday (~> 0.9, >= 0.9.0)
      faraday-cookie_jar (~> 0.0, >= 0.0.6)
      faraday_middleware (~> 0.10, >= 0.10.0)
    method_source (1.0.0)
    mime-types (3.3.1)
      mime-types-data (~> 3.2015)
    mime-types-data (3.2020.0512)
    minitest (5.14.2)
    multipart-post (2.1.1)
    netrc (0.11.0)
    parallel (1.19.2)
    parser (2.7.2.0)
      ast (~> 2.4.1)
    pry (0.13.1)
      coderay (~> 1.1)
      method_source (~> 1.0)
    psych (3.2.0)
    public_suffix (4.0.6)
    rainbow (3.0.0)
    rake (13.0.1)
    reek (6.0.2)
      kwalify (~> 0.7.0)
      parser (>= 2.5.0.0, < 2.8, != 2.5.1.1)
      psych (~> 3.1)
      rainbow (>= 2.0, < 4.0)
    regexp_parser (1.8.2)
    rest-client (2.1.0)
      http-accept (>= 1.7.0, < 2.0)
      http-cookie (>= 1.0.2, < 2.0)
      mime-types (>= 1.16, < 4.0)
      netrc (~> 0.8)
    rexml (3.2.4)
    rubocop (0.93.1)
      parallel (~> 1.10)
      parser (>= 2.7.1.5)
      rainbow (>= 2.2.2, < 4.0)
      regexp_parser (>= 1.8)
      rexml
      rubocop-ast (>= 0.6.0)
      ruby-progressbar (~> 1.7)
      unicode-display_width (>= 1.4.0, < 2.0)
    rubocop-ast (0.8.0)
      parser (>= 2.7.1.5)
    rubocop-performance (1.8.1)
      rubocop (>= 0.87.0)
      rubocop-ast (>= 0.4.0)
    rubocop-rspec (1.44.1)
      rubocop (~> 0.87)
      rubocop-ast (>= 0.7.1)
    ruby-progressbar (1.10.1)
    unf (0.1.4)
      unf_ext
    unf_ext (0.0.7.7)
    unicode-display_width (1.7.0)
    warning (1.1.0)
    webmock (3.9.3)
      addressable (>= 2.3.6)
      crack (>= 0.3.2)
      hashdiff (>= 0.4.0, < 2.0.0)

PLATFORMS
  ruby

DEPENDENCIES
  bundler (~> 2.1)
  minitest (~> 5.0)
  pry (~> 0.10)
  rake (~> 13.0)
  reek (~> 6.0)
  rubocop (~> 0.89)
  rubocop-performance (~> 1.8.0)
  rubocop-rspec (~> 1.44.1)
  warning (~> 1.1)
  webmock (~> 3.9.1)
  wikidata_position_history!

BUNDLED WITH
   2.1.4
